GEM
  remote: http://rubygems.org/
  specs:
    pkg-config (1.5.1)
    rmagick (5.1.0)
      pkg-config (~> 1.4)

PLATFORMS
  x86_64-darwin-21

DEPENDENCIES
  rmagick

BUNDLED WITH
   2.2.33
